GIT
  remote: git://github.com/seuros/capistrano-sidekiq.git
  revision: e2c9e2b80f703b75d5676e77d2d1f86eb1edb711
  specs:
    capistrano-sidekiq (1.0.0)
      capistrano (>= 3.9.0)
      sidekiq (>= 3.4)

GEM
  remote: https://rubygems.org/
  specs:
    airbrussh (1.3.0)
      sshkit (>= 1.6.1, != 1.7.0)
    byebug (10.0.0)
    capistrano (3.10.1)
      airbrussh (>= 1.0.0)
      i18n
      rake (>= 10.0.0)
      sshkit (>= 1.9.0)
    capistrano-rvm (0.1.2)
      capistrano (~> 3.0)
      sshkit (~> 1.2)
    concurrent-ruby (1.0.5)
    connection_pool (2.2.1)
    i18n (1.0.0)
      concurrent-ruby (~> 1.0)
    minitest (5.10.3)
    net-scp (1.2.1)
      net-ssh (>= 2.6.5)
    net-ssh (4.2.0)
    rack (2.0.7)
    rack-protection (2.0.1)
      rack
    rake (12.3.0)
    redis (4.0.1)
    sidekiq (5.1.1)
      concurrent-ruby (~> 1.0)
      connection_pool (~> 2.2, >= 2.2.0)
      rack-protection (>= 1.5.0)
      redis (>= 3.3.5, < 5)
    sshkit (1.16.0)
      net-scp (>= 1.1.2)
      net-ssh (>= 2.8.0)
    sshkit-sudo (0.1.0)
      sshkit (~> 1.8)

PLATFORMS
  ruby

DEPENDENCIES
  byebug
  capistrano
  capistrano-rvm
  capistrano-sidekiq!
  minitest (~> 5.10.3)
  sshkit-sudo

BUNDLED WITH
   1.17.2
